GEM
  remote: https://rubygems.org/
  specs:
    concurrent-ruby (1.0.2)
    haml (4.0.7)
      tilt
    hike (1.2.3)
    opal (0.10.3)
      hike (~> 1.2)
      sourcemap (~> 0.1.0)
      sprockets (~> 3.1)
      tilt (>= 1.4)
    opal-browser (0.2.0)
      opal
      paggio
    opal-haml (0.4.2)
      haml
      opal (~> 0.10.0)
    paggio (0.2.6)
    rack (2.0.1)
    sourcemap (0.1.1)
    sprockets (3.7.0)
      concurrent-ruby (~> 1.0)
      rack (> 1, < 3)
    tilt (2.0.5)

PLATFORMS
  ruby

DEPENDENCIES
  opal
  opal-browser
  opal-haml

BUNDLED WITH
   1.13.6
