GEM
  remote: https://rubygems.org/
  specs:
    ast (2.4.0)
    concurrent-ruby (1.0.5)
    haml (5.0.4)
      temple (>= 0.8.0)
      tilt
    hike (1.2.3)
    opal (0.11.3)
      ast (>= 2.3.0)
      hike (~> 1.2)
      parser (= 2.3.3.1)
      sourcemap (~> 0.1.0)
    opal-browser (0.2.0)
      opal
      paggio
    opal-haml (0.4.5)
      haml
      opal (~> 0.10, < 0.12)
      opal-sprockets (~> 0.4.1)
    opal-sprockets (0.4.2.0.11.0.3.1)
      opal (~> 0.11.0)
      sprockets (~> 3.1)
      tilt (>= 1.4)
    paggio (0.2.6)
    parser (2.3.3.1)
      ast (~> 2.2)
    rack (2.0.5)
    sourcemap (0.1.1)
    sprockets (3.7.2)
      concurrent-ruby (~> 1.0)
      rack (> 1, < 3)
    temple (0.8.0)
    tilt (2.0.8)

PLATFORMS
  ruby

DEPENDENCIES
  opal
  opal-browser
  opal-haml

BUNDLED WITH
   1.16.6
