PATH
  remote: .
  specs:
    hyalite (0.2.1)
      opal

GEM
  remote: https://rubygems.org/
  specs:
    concurrent-ruby (1.0.5)
    hike (1.2.3)
    opal (0.10.5)
      hike (~> 1.2)
      sourcemap (~> 0.1.0)
      sprockets (~> 3.1)
      tilt (>= 1.4)
    opal-rspec (0.6.1)
      opal (>= 0.10.0, < 0.12)
    rack (2.0.3)
    rake (12.0.0)
    sourcemap (0.1.1)
    sprockets (3.7.1)
      concurrent-ruby (~> 1.0)
      rack (> 1, < 3)
    tilt (2.0.8)

PLATFORMS
  ruby

DEPENDENCIES
  bundler (~> 1.8)
  hyalite!
  opal-rspec
  rake

BUNDLED WITH
   1.13.6
