PATH
  remote: .
  specs:
    hyalite (0.2.7)
      opal (~> 1.0)

GEM
  remote: https://rubygems.org/
  specs:
    ast (2.4.2)
    opal (1.1.1)
      ast (>= 2.3.0)
      parser (~> 3.0)
    opal-test-unit (0.1.2)
      opal
    parser (3.0.1.1)
      ast (~> 2.4.1)
    rake (13.0.3)

PLATFORMS
  ruby

DEPENDENCIES
  bundler (~> 1.8)
  hyalite!
  opal-test-unit
  rake

BUNDLED WITH
   1.16.6
