PATH
  remote: .
  specs:
    hyalite (0.2.7)
      opal (~> 1.0)

GEM
  remote: https://rubygems.org/
  specs:
    ast (2.4.0)
    opal (1.0.3)
      ast (>= 2.3.0)
      parser (~> 2.6)
    opal-test-unit (0.1.2)
      opal
    parser (2.7.0.3)
      ast (~> 2.4.0)
    rake (13.0.1)

PLATFORMS
  ruby

DEPENDENCIES
  bundler (~> 1.8)
  hyalite!
  opal-test-unit
  rake

BUNDLED WITH
   1.16.6
