PATH
  remote: .
  specs:
    hyalite (0.0.4)
      opal
      opal-browser

GEM
  remote: https://rubygems.org/
  specs:
    concurrent-ruby (1.0.2)
    hike (1.2.3)
    opal (0.9.4)
      hike (~> 1.2)
      sourcemap (~> 0.1.0)
      sprockets (~> 3.1)
      tilt (>= 1.4)
    opal-browser (0.2.0)
      opal
      paggio
    opal-rspec (0.5.0)
      opal (>= 0.8.0, < 0.10)
    paggio (0.2.6)
    rack (2.0.1)
    rake (10.5.0)
    sourcemap (0.1.1)
    sprockets (3.7.0)
      concurrent-ruby (~> 1.0)
      rack (> 1, < 3)
    tilt (2.0.5)

PLATFORMS
  ruby

DEPENDENCIES
  bundler (~> 1.8)
  hyalite!
  opal-rspec (= 0.5.0)
  rake (~> 10.0)

BUNDLED WITH
   1.13.6
